PATH
  remote: .
  specs:
    ideal (0.9.0)
      nap
      nokogiri (~> 1.5.0)
      xmldsig

GEM
  remote: http://rubygems.org/
  specs:
    metaclass (0.0.1)
    mocha (0.10.0)
      metaclass (~> 0.0.1)
    nap (0.5.1)
    nokogiri (1.5.9)
    rake (0.9.2.2)
    xmldsig (0.2.1)
      nokogiri

PLATFORMS
  ruby

DEPENDENCIES
  ideal!
  mocha
  rake
